PATH
  remote: .
  specs:
    cocoapods-acknowledgements (1.2.0)
      activesupport (~> 5.0)
      cocoapods
      redcarpet (~> 3.3)
      xcodeproj

GEM
  remote: https://rubygems.org/
  specs:
    CFPropertyList (3.0.2)
    activesupport (5.2.4.3)
      concurrent-ruby (~> 1.0, >= 1.0.2)
      i18n (>= 0.7, < 2)
      minitest (~> 5.1)
      tzinfo (~> 1.1)
    atomos (0.1.3)
    bacon (1.2.0)
    claide (1.0.3)
    cocoapods (1.0.1)
      activesupport (>= 4.0.2)
      claide (>= 1.0.0, < 2.0)
      cocoapods-core (= 1.0.1)
      cocoapods-deintegrate (>= 1.0.0, < 2.0)
      cocoapods-downloader (>= 1.0.0, < 2.0)
      cocoapods-plugins (>= 1.0.0, < 2.0)
      cocoapods-search (>= 1.0.0, < 2.0)
      cocoapods-stats (>= 1.0.0, < 2.0)
      cocoapods-trunk (>= 1.0.0, < 2.0)
      cocoapods-try (>= 1.0.0, < 2.0)
      colored (~> 1.2)
      escape (~> 0.0.4)
      fourflusher (~> 0.3.0)
      molinillo (~> 0.4.5)
      nap (~> 1.0)
      xcodeproj (>= 1.1.0, < 2.0)
    cocoapods-core (1.0.1)
      activesupport (>= 4.0.2)
      fuzzy_match (~> 2.0.4)
      nap (~> 1.0)
    cocoapods-deintegrate (1.0.4)
    cocoapods-downloader (1.4.0)
    cocoapods-plugins (1.0.0)
      nap
    cocoapods-search (1.0.0)
    cocoapods-stats (1.1.0)
    cocoapods-trunk (1.5.0)
      nap (>= 0.8, < 2.0)
      netrc (~> 0.11)
    cocoapods-try (1.2.0)
    colored (1.2)
    colored2 (3.1.2)
    concurrent-ruby (1.1.7)
    escape (0.0.4)
    fourflusher (0.3.2)
    fuzzy_match (2.0.4)
    i18n (1.8.5)
      concurrent-ruby (~> 1.0)
    metaclass (0.0.4)
    minitest (5.14.1)
    mocha (0.11.4)
      metaclass (~> 0.0.1)
    mocha-on-bacon (0.2.1)
      mocha (>= 0.9.8)
    molinillo (0.4.5)
    nanaimo (0.3.0)
    nap (1.1.0)
    netrc (0.11.0)
    prettybacon (0.0.2)
      bacon (~> 1.2)
    rake (13.0.1)
    redcarpet (3.5.0)
    thread_safe (0.3.6)
    tzinfo (1.2.7)
      thread_safe (~> 0.1)
    xcodeproj (1.18.0)
      CFPropertyList (>= 2.3.3, < 4.0)
      atomos (~> 0.1.3)
      claide (>= 1.0.2, < 2.0)
      colored2 (~> 3.1)
      nanaimo (~> 0.3.0)

PLATFORMS
  ruby

DEPENDENCIES
  bacon
  bundler (~> 2.0)
  cocoapods-acknowledgements!
  mocha (~> 0.11.4)
  mocha-on-bacon
  prettybacon
  rake

BUNDLED WITH
   2.1.4
